GEM
  remote: https://rubygems.org/
  specs:
    cliqr (2.2.0)
      sawaal (~> 1.0.0)
    sawaal (1.0.2)
    serialport (1.3.1)

PLATFORMS
  ruby

DEPENDENCIES
  cliqr
  serialport

BUNDLED WITH
   1.11.2
